PATH
  remote: .
  specs:
    gamey (0.1.0)
      gosu (~> 0.13)

GEM
  remote: https://rubygems.org/
  specs:
    gosu (0.13.3)
    rake (10.5.0)

PLATFORMS
  ruby

DEPENDENCIES
  bundler (~> 1.16)
  gamey!
  rake (~> 10.0)

BUNDLED WITH
   1.16.0
